GEM
  remote: https://rubygems.org/
  specs:
    activesupport (3.0.5)
    awesome_print (0.2.1)
    bacon (1.1.0)
    bson (1.1.5)
    bson_ext (1.1.5)
    daemons (1.1.9)
    eventmachine (1.0.3)
    fastercsv (1.5.4)
    git (1.2.5)
    hashie (0.4.0)
    http_router (0.5.4)
      rack (>= 1.0.0)
      url_mount (~> 0.2.1)
    i18n (0.5.0)
    jnunemaker-validatable (1.8.4)
      activesupport (>= 2.3.4)
    json (1.4.6)
    mail (2.2.15)
      activesupport (>= 2.3.6)
      i18n (>= 0.4.0)
      mime-types (~> 1.16)
      treetop (~> 1.4.8)
    mime-types (1.16)
    mongo (1.1.5)
      bson (>= 1.1.5)
    mongo_mapper (0.8.6)
      activesupport (>= 2.3.4)
      jnunemaker-validatable (~> 1.8.4)
      plucky (~> 0.3.6)
    padrino (0.9.23)
      padrino-admin (= 0.9.23)
      padrino-cache (= 0.9.23)
      padrino-core (= 0.9.23)
      padrino-gen (= 0.9.23)
      padrino-helpers (= 0.9.23)
      padrino-mailer (= 0.9.23)
    padrino-admin (0.9.23)
      padrino-core (= 0.9.23)
      padrino-helpers (= 0.9.23)
    padrino-cache (0.9.23)
      padrino-core (= 0.9.23)
    padrino-core (0.9.23)
      activesupport (>= 3.0.0)
      http_router (~> 0.5.4)
      sinatra (~> 1.2.0)
      thor (>= 0.14.3)
      tzinfo
    padrino-gen (0.9.23)
      bundler (>= 1.0.2)
      git
      padrino-core (= 0.9.23)
    padrino-helpers (0.9.23)
      i18n (>= 0.4.1)
      padrino-core (= 0.9.23)
    padrino-mailer (0.9.23)
      mail (>= 2.2.0)
      padrino-core (= 0.9.23)
    plucky (0.3.6)
      mongo (~> 1.1)
    polyglot (0.3.1)
    rack (1.5.2)
    rack-flash (0.1.1)
      rack
    rack-test (0.5.4)
      rack (>= 1.0)
    rake (0.8.7)
    rest-client (1.6.1)
      mime-types (>= 1.16)
    sinatra (1.2.1)
      rack (~> 1.1)
      tilt (>= 1.2.2, < 2.0)
    thin (1.5.1)
      daemons (>= 1.0.9)
      eventmachine (>= 0.12.6)
      rack (>= 1.0.0)
    thor (0.14.6)
    tilt (1.2.2)
    treetop (1.4.9)
      polyglot (>= 0.3.1)
    tzinfo (0.3.25)
    url_mount (0.2.1)
      rack

PLATFORMS
  ruby

DEPENDENCIES
  activesupport
  awesome_print
  bacon
  bson (= 1.1.5)
  bson_ext (= 1.1.5)
  fastercsv
  hashie
  json
  mongo (= 1.1.5)
  mongo_mapper
  padrino
  rack-flash
  rack-test
  rake
  rest-client
  thin
